GEM
  remote: https://rubygems.org/
  specs:
    addressable (2.8.7)
      public_suffix (>= 2.0.2, < 7.0)
    ast (2.4.2)
    backport (1.2.0)
    base64 (0.2.0)
    benchmark (0.3.0)
    colorize (1.1.0)
    declarative (0.0.20)
    diff-lcs (1.5.1)
    e2mmap (0.1.0)
    faraday (2.10.0)
      faraday-net_http (>= 2.0, < 3.2)
      logger
    faraday-net_http (3.1.1)
      net-http
    google-apis-civicinfo_v2 (0.23.0)
      google-apis-core (>= 0.15.0, < 2.a)
    google-apis-core (0.15.0)
      addressable (~> 2.5, >= 2.5.1)
      googleauth (~> 1.9)
      httpclient (>= 2.8.1, < 3.a)
      mini_mime (~> 1.0)
      representable (~> 3.0)
      retriable (>= 2.0, < 4.a)
      rexml
    google-cloud-env (2.1.1)
      faraday (>= 1.0, < 3.a)
    googleauth (1.11.0)
      faraday (>= 1.0, < 3.a)
      google-cloud-env (~> 2.1)
      jwt (>= 1.4, < 3.0)
      multi_json (~> 1.11)
      os (>= 0.9, < 2.0)
      signet (>= 0.16, < 2.a)
    httpclient (2.8.3)
    jaro_winkler (1.6.0)
    json (2.7.2)
    jwt (2.8.2)
      base64
    kramdown (2.4.0)
      rexml
    kramdown-parser-gfm (1.1.0)
      kramdown (~> 2.0)
    language_server-protocol (3.17.0.3)
    logger (1.6.0)
    mini_mime (1.1.5)
    multi_json (1.15.0)
    net-http (0.4.1)
      uri
    nokogiri (1.16.6-x86_64-linux)
      racc (~> 1.4)
    os (1.1.4)
    parallel (1.25.1)
    parser (3.3.4.0)
      ast (~> 2.4.1)
      racc
    public_suffix (6.0.1)
    racc (1.8.0)
    rainbow (3.1.1)
    rbs (2.8.4)
    regexp_parser (2.9.2)
    representable (3.2.0)
      declarative (< 0.1.0)
      trailblazer-option (>= 0.1.1, < 0.2.0)
      uber (< 0.2.0)
    retriable (3.1.2)
    reverse_markdown (2.1.1)
      nokogiri
    rexml (3.3.2)
      strscan
    rubocop (1.65.0)
      json (~> 2.3)
      language_server-protocol (>= 3.17.0)
      parallel (~> 1.10)
      parser (>= 3.3.0.2)
      rainbow (>= 2.2.2, < 4.0)
      regexp_parser (>= 2.4, < 3.0)
      rexml (>= 3.2.5, < 4.0)
      rubocop-ast (>= 1.31.1, < 2.0)
      ruby-progressbar (~> 1.7)
      unicode-display_width (>= 2.4.0, < 3.0)
    rubocop-ast (1.31.3)
      parser (>= 3.3.1.0)
    ruby-progressbar (1.13.0)
    signet (0.19.0)
      addressable (~> 2.8)
      faraday (>= 0.17.5, < 3.a)
      jwt (>= 1.5, < 3.0)
      multi_json (~> 1.10)
    solargraph (0.50.0)
      backport (~> 1.2)
      benchmark
      bundler (~> 2.0)
      diff-lcs (~> 1.4)
      e2mmap
      jaro_winkler (~> 1.5)
      kramdown (~> 2.3)
      kramdown-parser-gfm (~> 1.1)
      parser (~> 3.0)
      rbs (~> 2.0)
      reverse_markdown (~> 2.0)
      rubocop (~> 1.38)
      thor (~> 1.0)
      tilt (~> 2.0)
      yard (~> 0.9, >= 0.9.24)
    strscan (3.1.0)
    thor (1.3.1)
    tilt (2.4.0)
    trailblazer-option (0.1.2)
    uber (0.1.0)
    unicode-display_width (2.5.0)
    uri (0.13.0)
    yard (0.9.36)

PLATFORMS
  x86_64-linux

DEPENDENCIES
  colorize (~> 1.1)
  google-apis-civicinfo_v2 (~> 0.23.0)
  rubocop (~> 1.65)
  solargraph (~> 0.50.0)

BUNDLED WITH
   2.4.10
